GIT
  remote: git://github.com/lyondhill/socket.io-ruby-client.git
  revision: 57b6be209043a7eda954ef102ecb0dc1bf32b6a1
  specs:
    socketio-client (0.0.2)
      rest-client

PATH
  remote: .
  specs:
    saltspy (0.0.1)

GEM
  remote: https://rubygems.org/
  specs:
    amq-protocol (1.8.0)
    bunny (0.10.7)
      amq-protocol (>= 1.6.0)
    mime-types (1.25)
    rake (10.1.0)
    rest-client (1.6.7)
      mime-types (>= 1.16)

PLATFORMS
  ruby

DEPENDENCIES
  bundler (~> 1.3)
  bunny
  rake
  saltspy!
  socketio-client!
