PATH
  remote: .
  specs:
    saltspy (0.0.1)

GEM
  remote: https://rubygems.org/
  specs:
    amq-protocol (1.8.0)
    bunny (0.10.7)
      amq-protocol (>= 1.6.0)
    mime-types (1.25)
    rake (12.3.3)
    rest-client (1.6.7)
      mime-types (>= 1.16)
    socketio-client (0.0.3)
      rest-client

PLATFORMS
  ruby

DEPENDENCIES
  bundler (~> 1.3)
  bunny
  rake
  saltspy!
  socketio-client
